GEM
  remote: https://rubygems.org/
  specs:
    ansi (1.5.0)
    aws-sdk-v1 (1.66.0)
      json (~> 1.4)
      nokogiri (>= 1.4.4)
    cap-ec2 (1.0.0)
      aws-sdk-v1
      capistrano (>= 3.0)
      colorize
      terminal-table
    capistrano (3.4.0)
      i18n
      rake (>= 10.0.0)
      sshkit (~> 1.3)
    capistrano-bundler (1.1.4)
      capistrano (~> 3.1)
      sshkit (~> 1.2)
    capistrano-rails (1.1.5)
      capistrano (~> 3.1)
      capistrano-bundler (~> 1.1)
    colorize (0.7.7)
    hashie (3.4.3)
    i18n (0.7.0)
    itamae (1.9.1)
      ansi
      hashie
      schash (~> 0.1.0)
      specinfra (>= 2.37.0, < 3.0.0)
      thor
    itamae-secrets (0.1.0)
      thor
    json (1.8.3)
    mini_portile2 (2.0.0)
    net-scp (1.2.1)
      net-ssh (>= 2.6.5)
    net-ssh (3.0.1)
    net-telnet (0.1.1)
    nokogiri (1.6.7.1)
      mini_portile2 (~> 2.0.0.rc2)
    rake (10.4.2)
    schash (0.1.2)
    sfl (2.2)
    specinfra (2.47.0)
      net-scp
      net-ssh (>= 2.7, < 3.1)
      net-telnet
      sfl
    sshkit (1.8.1)
      net-scp (>= 1.1.2)
      net-ssh (>= 2.8.0)
    terminal-table (1.5.2)
    thor (0.19.1)

PLATFORMS
  ruby

DEPENDENCIES
  cap-ec2
  capistrano
  capistrano-bundler
  capistrano-rails
  itamae
  itamae-secrets

BUNDLED WITH
   1.10.6
